GEM
  remote: http://rubygems.org/
  specs:
    activemodel (3.2.6)
      activesupport (= 3.2.6)
      builder (~> 3.0.0)
    activesupport (3.2.6)
      i18n (~> 0.6)
      multi_json (~> 1.0)
    bson (1.6.4)
    bson_ext (1.6.4)
      bson (~> 1.6.4)
    builder (3.0.0)
    diff-lcs (1.1.3)
    diskcached (1.0.1)
    haml (3.1.6)
    hashr (0.0.21)
    i18n (0.6.0)
    json (1.7.3)
    kgio (2.7.4)
    mongo (1.6.4)
      bson (~> 1.6.4)
    mongoid (2.4.10)
      activemodel (~> 3.1)
      mongo (~> 1.3)
      tzinfo (~> 0.3.22)
    multi_json (1.3.6)
    newrelic_rpm (3.4.0.1)
    open4 (1.3.0)
    rack (1.4.1)
    rack-mobile-detect (0.4.0)
      rack
    rack-protection (1.2.0)
      rack
    rack-test (0.6.1)
      rack (>= 1.0)
    raindrops (0.10.0)
    rake (0.9.2.2)
    rake-remote_task (2.0.6)
      open4 (~> 1.0)
      rake (~> 0.8)
    rdoc (3.12)
      json (~> 1.4)
    redcarpet (2.1.1)
    rspec (2.11.0)
      rspec-core (~> 2.11.0)
      rspec-expectations (~> 2.11.0)
      rspec-mocks (~> 2.11.0)
    rspec-core (2.11.0)
    rspec-expectations (2.11.1)
      diff-lcs (~> 1.1.3)
    rspec-mocks (2.11.0)
    simplecov (0.6.4)
      multi_json (~> 1.0)
      simplecov-html (~> 0.5.3)
    simplecov-html (0.5.3)
    sinatra (1.3.2)
      rack (~> 1.3, >= 1.3.6)
      rack-protection (~> 1.2)
      tilt (~> 1.3, >= 1.3.3)
    tilt (1.3.3)
    travis-lint (1.4.0)
      hashr (>= 0.0.19)
    tzinfo (0.3.33)
    unicorn (4.3.1)
      kgio (~> 2.6)
      rack
      raindrops (~> 0.7)
    vlad (2.2.5)
      rake (~> 0.8)
      rake-remote_task (~> 2.0)
    vlad-git (2.2.0)
      vlad (>= 2.1.0)
    vlad-unicorn (2.1.1)
      vlad (~> 2.0)
    will_paginate (3.0.3)

PLATFORMS
  ruby

DEPENDENCIES
  bson_ext
  diskcached
  haml
  mongo
  mongoid
  newrelic_rpm
  rack-mobile-detect
  rack-test
  rake
  rdoc
  redcarpet
  rspec
  simplecov
  sinatra
  travis-lint
  tzinfo
  unicorn
  vlad
  vlad-git
  vlad-unicorn
  will_paginate
